PATH
  remote: ~/Creations/mazgi/specinfra
  specs:
    specinfra (2.66.0)
      net-scp
      net-ssh (>= 2.7, < 4.0)
      net-telnet
      sfl

GEM
  remote: https://rubygems.org/
  specs:
    ansi (1.5.0)
    hashie (3.4.6)
    itamae (1.9.10)
      ansi
      hashie
      schash (~> 0.1.0)
      specinfra (>= 2.64.0, < 3.0.0)
      thor
    itamae-plugin-recipe-mazgi_toilet (0.0.4)
      itamae
    net-scp (1.2.1)
      net-ssh (>= 2.6.5)
    net-ssh (3.2.0)
    net-telnet (0.1.1)
    schash (0.1.2)
    sfl (2.3)
    thor (0.19.4)

PLATFORMS
  ruby

DEPENDENCIES
  itamae
  itamae-plugin-recipe-mazgi_toilet
  specinfra!

BUNDLED WITH
   1.13.6
